PATH
  remote: .
  specs:
    trinidad_sandbox_extension (1.0.1)
      gitable
      grit
      haml
      json
      sinatra
      sinatra-authorization
      sinatra-flash
      sinatra-respond_to
      trinidad (>= 1.0.1)

GEM
  remote: http://rubygems.org/
  specs:
    addressable (2.2.4)
    diff-lcs (1.1.2)
    gitable (0.1.3)
      addressable
    grit (2.4.1)
      diff-lcs (~> 1.1)
      mime-types (~> 1.15)
    haml (3.0.25)
    jruby-rack (1.0.6)
    json (1.5.1-java)
    mime-types (1.16)
    mocha (0.9.12)
    rack (1.2.2)
    rspec (2.5.0)
      rspec-core (~> 2.5.0)
      rspec-expectations (~> 2.5.0)
      rspec-mocks (~> 2.5.0)
    rspec-core (2.5.1)
    rspec-expectations (2.5.0)
      diff-lcs (~> 1.1.2)
    rspec-mocks (2.5.0)
    sinatra (1.2.0)
      rack (~> 1.1)
      tilt (>= 1.2.2, < 2.0)
    sinatra-authorization (1.0.0)
      sinatra (>= 0.9.1.1)
    sinatra-flash (0.3.0)
      sinatra (>= 1.0.0)
    sinatra-respond_to (0.6.0)
      sinatra (~> 1.1)
    tilt (1.2.2)
    trinidad (1.1.1)
      jruby-rack (>= 1.0.6)
      trinidad_jars (>= 1.0.0)
    trinidad_jars (1.0.1)

PLATFORMS
  java

DEPENDENCIES
  mocha
  rspec (>= 2.2)
  trinidad_sandbox_extension!
